PATH
  remote: .
  specs:
    charyf (0.1.0)
      sig (~> 1.0.1)

GEM
  remote: https://rubygems.org/
  specs:
    coderay (1.1.2)
    diff-lcs (1.3)
    method_source (0.8.2)
    pry (0.11.0)
      coderay (~> 1.1.0)
      method_source (~> 0.8.1)
    rake (10.5.0)
    rspec (3.6.0)
      rspec-core (~> 3.6.0)
      rspec-expectations (~> 3.6.0)
      rspec-mocks (~> 3.6.0)
    rspec-core (3.6.0)
      rspec-support (~> 3.6.0)
    rspec-expectations (3.6.0)
      diff-lcs (>= 1.2.0, < 2.0)
      rspec-support (~> 3.6.0)
    rspec-mocks (3.6.0)
      diff-lcs (>= 1.2.0, < 2.0)
      rspec-support (~> 3.6.0)
    rspec-support (3.6.0)
    sig (1.0.1)

PLATFORMS
  ruby

DEPENDENCIES
  bundler (~> 1.15.4)
  charyf!
  pry (~> 0.10)
  rake (~> 10.0)
  rspec (~> 3.0)
  sig

BUNDLED WITH
   1.15.4
